PATH
  remote: .
  specs:
    hookyrb (0.1.0)
      httparty (~> 0.21.0)
      thor (~> 1.3)

GEM
  remote: https://rubygems.org/
  specs:
    httparty (0.21.0)
      mini_mime (>= 1.0.0)
      multi_xml (>= 0.5.2)
    mini_mime (1.1.5)
    minitest (5.20.0)
    multi_xml (0.6.0)
    rake (13.1.0)
    thor (1.3.0)

PLATFORMS
  x86_64-linux

DEPENDENCIES
  hookyrb!
  minitest (~> 5.0)
  rake (~> 13.0)

BUNDLED WITH
   2.4.21
